PATH
  remote: .
  specs:
    ss_syntax (0.0.1)
      slop

GEM
  remote: https://rubygems.org/
  specs:
    slop (3.6.0)

PLATFORMS
  ruby

DEPENDENCIES
  ss_syntax!
