PATH
  remote: .
  specs:
    ss_syntax (0.0.6)
      slop (~> 3.6)

GEM
  remote: https://rubygems.org/
  specs:
    diff-lcs (1.2.5)
    rake (10.1.0)
    rspec (3.1.0)
      rspec-core (~> 3.1.0)
      rspec-expectations (~> 3.1.0)
      rspec-mocks (~> 3.1.0)
    rspec-core (3.1.7)
      rspec-support (~> 3.1.0)
    rspec-expectations (3.1.2)
      diff-lcs (>= 1.2.0, < 2.0)
      rspec-support (~> 3.1.0)
    rspec-mocks (3.1.3)
      rspec-support (~> 3.1.0)
    rspec-support (3.1.2)
    slop (3.6.0)

PLATFORMS
  ruby

DEPENDENCIES
  rake (~> 10.1)
  rspec (~> 3.1)
  ss_syntax!
